GIT
  remote: https://github.com/sinatra/sinatra.git
  revision: 671f47c6734dde09159b35edbd210e7ec6624424
  specs:
    rack-protection (2.1.0)
      rack
    sinatra (2.1.0)
      mustermann (~> 1.0)
      rack (~> 2.2)
      rack-protection (= 2.1.0)
      tilt (~> 2.0)

GEM
  remote: https://rubygems.org/
  specs:
    addressable (2.8.7)
      public_suffix (>= 2.0.2, < 7.0)
    colorator (1.1.0)
    ffi (1.17.0)
    forwardable-extended (2.6.0)
    jekyll (3.3.0)
      addressable (~> 2.4)
      colorator (~> 1.0)
      jekyll-sass-converter (~> 1.0)
      jekyll-watch (~> 1.1)
      kramdown (~> 1.3)
      liquid (~> 3.0)
      mercenary (~> 0.3.3)
      pathutil (~> 0.9)
      rouge (~> 1.7)
      safe_yaml (~> 1.0)
    jekyll-feed (0.11.0)
      jekyll (~> 3.3)
    jekyll-sass-converter (1.5.2)
      sass (~> 3.4)
    jekyll-watch (1.5.1)
      listen (~> 3.0)
    kramdown (1.17.0)
    liquid (3.0.6)
    listen (3.9.0)
      rb-fsevent (~> 0.10, >= 0.10.3)
      rb-inotify (~> 0.9, >= 0.9.10)
    mercenary (0.3.6)
    minima (2.1.1)
      jekyll (~> 3.3)
    mustermann (1.1.1)
      ruby2_keywords (~> 0.0.1)
    pathutil (0.16.2)
      forwardable-extended (~> 2.6)
    public_suffix (6.0.1)
    rack (2.2.6.4)
    rb-fsevent (0.11.2)
    rb-inotify (0.11.1)
      ffi (~> 1.0)
    rouge (1.11.1)
    ruby2_keywords (0.0.4)
    safe_yaml (1.0.5)
    sass (3.7.4)
      sass-listen (~> 4.0.0)
    sass-listen (4.0.0)
      rb-fsevent (~> 0.9, >= 0.9.4)
      rb-inotify (~> 0.9, >= 0.9.7)
    tilt (2.0.10)
    webrick (1.8.1)

PLATFORMS
  ruby
  x64-mingw32
  x86-mingw32

DEPENDENCIES
  jekyll (= 3.3.0)
  jekyll-feed (~> 0.6)
  minima (~> 2.0)
  rack (~> 2.2.6.4)
  sinatra!
  webrick (~> 1.8)

RUBY VERSION
   ruby 3.3.4p94

BUNDLED WITH
   2.4.10
